GEM
  remote: https://rubygems.org/
  specs:
    backports (3.8.0)
    colorize (0.8.1)
    ipscanner (0.3.0)
    macaddr (1.7.1)
      systemu (~> 2.6.2)
    multi_json (1.12.1)
    mustermann (1.0.0)
    packetfu (1.1.13)
      pcaprub
    pcaprub (0.12.4)
    rack (2.0.3)
    rack-protection (2.0.0)
      rack
    sinatra (2.0.0)
      mustermann (~> 1.0)
      rack (~> 2.0)
      rack-protection (= 2.0.0)
      tilt (~> 2.0)
    sinatra-contrib (2.0.0)
      backports (>= 2.0)
      multi_json
      mustermann (~> 1.0)
      rack-protection (= 2.0.0)
      sinatra (= 2.0.0)
      tilt (>= 1.3, < 3)
    sinatra-reloader (1.0)
      sinatra-contrib
    systemu (2.6.5)
    tilt (2.0.7)

PLATFORMS
  ruby

DEPENDENCIES
  colorize
  ipscanner
  macaddr
  packetfu
  sinatra
  sinatra-reloader

BUNDLED WITH
   1.15.1
