GEM
  remote: https://rubygems.org/
  specs:
    colorize (0.8.1)
    ipscanner (0.3.0)
    macaddr (1.7.1)
      systemu (~> 2.6.2)
    packetfu (1.1.13)
      pcaprub
    pcaprub (0.12.4)
    systemu (2.6.5)

PLATFORMS
  ruby

DEPENDENCIES
  colorize
  ipscanner
  macaddr
  packetfu

BUNDLED WITH
   1.15.1
