GEM
  remote: https://rubygems.org/
  specs:
    backports (3.11.1)
    colorize (0.8.1)
    ipscanner (0.3.0)
    macaddr (1.7.1)
      systemu (~> 2.6.2)
    multi_json (1.13.1)
    mustermann (1.0.2)
    packetfu (1.1.13)
      pcaprub
    pcaprub (0.12.4)
    rack (2.0.4)
    rack-protection (2.0.1)
      rack
    sinatra (~> 2.0.2)
      mustermann (~> 1.0)
      rack (~> 2.0)
      rack-protection (= 2.0.1)
      tilt (~> 2.0)
    sinatra-contrib (2.0.1)
      backports (>= 2.0)
      multi_json
      mustermann (~> 1.0)
      rack-protection (= 2.0.1)
      sinatra (= 2.0.1)
      tilt (>= 1.3, < 3)
    sinatra-reloader (1.0)
      sinatra-contrib
    systemu (2.6.5)
    terminal-table (1.8.0)
      unicode-display_width (~> 1.1, >= 1.1.1)
    tilt (2.0.8)
    unicode-display_width (1.3.0)

PLATFORMS
  ruby

DEPENDENCIES
  colorize
  ipscanner
  macaddr
  packetfu
  sinatra
  sinatra-reloader
  terminal-table

BUNDLED WITH
   1.16.1
